PATH
  remote: .
  specs:
    omniauth-tcs (1.0.0)

GEM
  remote: https://rubygems.org/
  specs:
    minitest (5.18.1)
    rake (10.5.0)

PLATFORMS
  -darwin-21

DEPENDENCIES
  bundler (>= 2.2.33)
  minitest (~> 5.0)
  omniauth-tcs!
  rake (~> 10.0)

BUNDLED WITH
   2.4.14
